PATH
  remote: .
  specs:
    observables (0.1.1)
      activesupport (~> 3.0.0)
      i18n

GEM
  remote: http://rubygems.org/
  specs:
    activesupport (3.0.0)
    i18n (0.4.1)
    rake (0.8.7)
    shoulda (2.11.3)

PLATFORMS
  ruby

DEPENDENCIES
  activesupport (~> 3.0.0)
  i18n
  observables!
  rake
  shoulda (~> 2.11)
