PATH
  remote: .
  specs:
    observables (0.0.1)
      activesupport (~> 3.0.0)
      i18n

GEM
  remote: http://rubygems.org/
  specs:
    activesupport (3.0.0)
    i18n (0.4.1)
    mocha (0.9.8)
      rake
    rake (0.8.7)
    shoulda (2.11.3)
    timecop (0.3.5)

PLATFORMS
  x86-mingw32

DEPENDENCIES
  activesupport (~> 3.0.0)
  i18n
  mocha (~> 0.9.8)
  observables!
  rake
  shoulda (~> 2.11)
  timecop (~> 0.3.1)
